PATH
  remote: .
  specs:
    fmt (0.1.3)

GEM
  remote: https://rubygems.org/
  specs:
    activesupport (7.1.3.4)
      base64
      bigdecimal
      concurrent-ruby (~> 1.0, >= 1.0.2)
      connection_pool (>= 2.2.5)
      drb
      i18n (>= 1.6, < 2)
      minitest (>= 5.1)
      mutex_m
      tzinfo (~> 2.0)
    amazing_print (1.6.0)
    ansi (1.5.0)
    ast (2.4.2)
    base64 (0.2.0)
    bigdecimal (3.1.8)
    builder (3.3.0)
    byebug (11.1.3)
    coderay (1.1.3)
    cogger (0.22.0)
      core (~> 1.0)
      refinements (~> 12.5)
      tone (~> 1.0)
      zeitwerk (~> 2.6)
    concurrent-ruby (1.3.3)
    connection_pool (2.4.1)
    containable (0.4.0)
      concurrent-ruby (~> 1.2)
    core (1.5.0)
    drb (2.2.1)
    dry-configurable (1.2.0)
      dry-core (~> 1.0, < 2)
      zeitwerk (~> 2.6)
    dry-core (1.0.1)
      concurrent-ruby (~> 1.0)
      zeitwerk (~> 2.6)
    dry-inflector (1.1.0)
    dry-initializer (3.1.1)
    dry-logic (1.5.0)
      concurrent-ruby (~> 1.0)
      dry-core (~> 1.0, < 2)
      zeitwerk (~> 2.6)
    dry-monads (1.6.0)
      concurrent-ruby (~> 1.0)
      dry-core (~> 1.0, < 2)
      zeitwerk (~> 2.6)
    dry-schema (1.13.4)
      concurrent-ruby (~> 1.0)
      dry-configurable (~> 1.0, >= 1.0.1)
      dry-core (~> 1.0, < 2)
      dry-initializer (~> 3.0)
      dry-logic (>= 1.4, < 2)
      dry-types (>= 1.7, < 2)
      zeitwerk (~> 2.6)
    dry-types (1.7.2)
      bigdecimal (~> 3.0)
      concurrent-ruby (~> 1.0)
      dry-core (~> 1.0)
      dry-inflector (~> 1.0)
      dry-logic (~> 1.4)
      zeitwerk (~> 2.6)
    etcher (2.1.0)
      cogger (~> 0.21)
      core (~> 1.0)
      dry-monads (~> 1.6)
      dry-types (~> 1.7)
      refinements (~> 12.5)
      versionaire (~> 13.0)
      zeitwerk (~> 2.6)
    i18n (1.14.5)
      concurrent-ruby (~> 1.0)
    infusible (3.9.0)
      marameters (~> 3.3)
    json (2.7.2)
    language_server-protocol (3.17.0.3)
    lint_roller (1.1.0)
    logger (1.6.0)
    magic_frozen_string_literal (1.2.0)
    marameters (3.5.0)
      refinements (~> 12.5)
      zeitwerk (~> 2.6)
    method_source (1.1.0)
    minitest (5.24.1)
    minitest-reporters (1.7.1)
      ansi
      builder
      minitest (>= 5.0)
      ruby-progressbar
    mutex_m (0.2.0)
    parallel (1.25.1)
    parser (3.3.4.1)
      ast (~> 2.4.1)
      racc
    prism (0.30.0)
    pry (0.14.2)
      coderay (~> 1.1)
      method_source (~> 1.0)
    pry-byebug (3.10.1)
      byebug (~> 11.0)
      pry (>= 0.13, < 0.15)
    pry-doc (1.5.0)
      pry (~> 0.11)
      yard (~> 0.9.11)
    racc (1.8.1)
    rainbow (3.1.1)
    rake (13.2.1)
    rbs (3.5.2)
      logger
    rbs-inline (0.6.0)
      prism (>= 0.29, < 0.31)
      rbs (~> 3.5.0)
    refinements (12.7.1)
    regexp_parser (2.9.2)
    rexml (3.3.4)
      strscan
    rubocop (1.64.1)
      json (~> 2.3)
      language_server-protocol (>= 3.17.0)
      parallel (~> 1.10)
      parser (>= 3.3.0.2)
      rainbow (>= 2.2.2, < 4.0)
      regexp_parser (>= 1.8, < 3.0)
      rexml (>= 3.2.5, < 4.0)
      rubocop-ast (>= 1.31.1, < 2.0)
      ruby-progressbar (~> 1.7)
      unicode-display_width (>= 2.4.0, < 3.0)
    rubocop-ast (1.32.0)
      parser (>= 3.3.1.0)
    rubocop-performance (1.21.1)
      rubocop (>= 1.48.1, < 2.0)
      rubocop-ast (>= 1.31.1, < 2.0)
    ruby-progressbar (1.13.0)
    runcom (11.5.0)
      refinements (~> 12.5)
      xdg (~> 8.5)
      zeitwerk (~> 2.6)
    sod (0.13.0)
      cogger (~> 0.21)
      containable (~> 0.2)
      infusible (~> 3.8)
      refinements (~> 12.5)
      tone (~> 1.0)
      zeitwerk (~> 2.6)
    spek (3.5.0)
      dry-monads (~> 1.6)
      refinements (~> 12.5)
      versionaire (~> 13.0)
      zeitwerk (~> 2.6)
    standard (1.39.2)
      language_server-protocol (~> 3.17.0.2)
      lint_roller (~> 1.0)
      rubocop (~> 1.64.0)
      standard-custom (~> 1.0.0)
      standard-performance (~> 1.4)
    standard-custom (1.0.2)
      lint_roller (~> 1.0)
      rubocop (~> 1.50)
    standard-performance (1.4.0)
      lint_roller (~> 1.1)
      rubocop-performance (~> 1.21.0)
    strscan (3.1.0)
    tocer (18.1.0)
      cogger (~> 0.21)
      containable (~> 0.2)
      core (~> 1.0)
      dry-schema (~> 1.13)
      etcher (~> 2.1)
      infusible (~> 3.8)
      refinements (~> 12.7)
      runcom (~> 11.5)
      sod (~> 0.12)
      spek (~> 3.0)
      zeitwerk (~> 2.6)
    tone (1.5.0)
      refinements (~> 12.5)
      zeitwerk (~> 2.6)
    tzinfo (2.0.6)
      concurrent-ruby (~> 1.0)
    unicode-display_width (2.5.0)
    versionaire (13.5.0)
      refinements (~> 12.5)
    xdg (8.5.0)
    yard (0.9.36)
    zeitwerk (2.6.17)

PLATFORMS
  arm64-darwin-22
  ruby

DEPENDENCIES
  activesupport
  amazing_print
  fmt!
  magic_frozen_string_literal
  minitest (~> 5.16)
  minitest-reporters
  pry-byebug
  pry-doc
  rainbow
  rake (~> 13.0)
  rbs-inline
  standard (~> 1.3)
  tocer
  yard

BUNDLED WITH
   2.5.16
